GEM
  remote: https://rubygems.org/
  specs:
    haml (4.0.7)
      tilt
    tilt (2.0.2)

PLATFORMS
  ruby

DEPENDENCIES
  haml

BUNDLED WITH
   1.11.2
