GEM
  remote: https://rubygems.org/
  specs:
    haml (4.0.7)
      tilt
    rack (1.6.4)
    tilt (2.0.2)

PLATFORMS
  ruby

DEPENDENCIES
  haml
  rack

BUNDLED WITH
   1.11.2
